GEM
  remote: https://rubygems.org/
  specs:
    ocra (1.3.11)
    tk (0.2.0)

PLATFORMS
  x64-mingw32

DEPENDENCIES
  ocra
  tk

BUNDLED WITH
   2.1.4
